PATH
  remote: .
  specs:
    vagrant-putty (0.0.3)
      vagrant (>= 1.0.2)

GEM
  remote: http://rubygems.org/
  specs:
    archive-tar-minitar (0.5.2)
    childprocess (0.3.2)
      ffi (~> 1.0.6)
    erubis (2.7.0)
    ffi (1.0.11)
    ffi (1.0.11-java)
    i18n (0.6.0)
    jruby-win32ole (0.8.5)
    json (1.5.4)
    json (1.5.4-java)
    log4r (1.1.10)
    metaclass (0.0.1)
    mocha (0.10.0)
      metaclass (~> 0.0.1)
    net-scp (1.0.4)
      net-ssh (>= 1.99.1)
    net-ssh (2.2.2)
    vagrant (1.0.3)
      archive-tar-minitar (= 0.5.2)
      childprocess (~> 0.3.1)
      erubis (~> 2.7.0)
      i18n (~> 0.6.0)
      json (~> 1.5.1)
      log4r (~> 1.1.9)
      net-scp (~> 1.0.4)
      net-ssh (~> 2.2.2)

PLATFORMS
  java
  ruby
  x86-mingw32

DEPENDENCIES
  jruby-win32ole
  mocha (~> 0.10.0)
  vagrant-putty!
